GEM
  remote: http://rubygems.org/
  specs:
    iconv (1.0.4)
    json (1.8.1)
    mini_portile (0.6.0)
    movie_crawler (0.1.0)
      iconv
      nokogiri (>= 1.6.2)
    nokogiri (1.6.3.1)
      mini_portile (= 0.6.0)
    rack (1.5.2)
    rack-protection (1.5.3)
      rack
    sinatra (1.4.5)
      rack (~> 1.4)
      rack-protection (~> 1.4)
      tilt (~> 1.3, >= 1.3.4)
    tilt (1.4.1)

PLATFORMS
  ruby

DEPENDENCIES
  json
  movie_crawler
  sinatra
